GEM
  remote: http://rubygems.org/
  specs:
    addressable (2.2.8)
    foreman (0.59.0)
      thor (>= 0.13.6)
    guillotine (1.3.0)
      addressable (~> 2.2.6)
      sinatra (~> 1.2.6)
    kgio (2.7.4)
    rack (1.4.1)
    raindrops (0.10.0)
    sinatra (1.2.8)
      rack (~> 1.1)
      tilt (>= 1.2.2, < 2.0)
    thor (0.16.0)
    tilt (1.3.3)
    unicorn (4.3.1)
      kgio (~> 2.6)
      rack
      raindrops (~> 0.7)

PLATFORMS
  ruby

DEPENDENCIES
  foreman
  guillotine
  unicorn
